GEM
  remote: https://rubygems.org/
  specs:
    activesupport (4.2.6)
      i18n (~> 0.7)
      json (~> 1.7, >= 1.7.7)
      minitest (~> 5.1)
      thread_safe (~> 0.3, >= 0.3.4)
      tzinfo (~> 1.1)
    addressable (2.4.0)
    bibtex-ruby (4.3.0)
      latex-decode (~> 0.0)
    citeproc (1.0.3)
      namae (~> 0.8)
    citeproc-ruby (1.1.2)
      citeproc (>= 1.0.2, < 2.0)
      csl (~> 1.4)
    colorator (0.1)
    colored (1.2)
    csl (1.4.4)
      namae (~> 0.7)
    csl-styles (1.0.1.7)
      csl (~> 1.0)
    ethon (0.8.1)
      ffi (>= 1.3.0)
    ffi (1.9.10)
    html-proofer (3.0.5)
      activesupport (~> 4.2)
      addressable (~> 2.3)
      colored (~> 1.2)
      mercenary (~> 0.3.2)
      nokogiri (~> 1.5)
      parallel (~> 1.3)
      typhoeus (~> 0.7)
      yell (~> 2.0)
    i18n (0.7.0)
    jekyll (3.1.2)
      colorator (~> 0.1)
      jekyll-sass-converter (~> 1.0)
      jekyll-watch (~> 1.1)
      kramdown (~> 1.3)
      liquid (~> 3.0)
      mercenary (~> 0.3.3)
      rouge (~> 1.7)
      safe_yaml (~> 1.0)
    jekyll-sass-converter (1.4.0)
      sass (~> 3.4)
    jekyll-scholar (5.8.0)
      bibtex-ruby (~> 4.0, >= 4.0.13)
      citeproc-ruby (~> 1.0)
      csl-styles (~> 1.0)
      jekyll (~> 3.0)
    jekyll-sitemap (0.10.0)
    jekyll-watch (1.3.1)
      listen (~> 3.0)
    json (1.8.3)
    kramdown (1.10.0)
    latex-decode (0.2.2)
      unicode (~> 0.4)
    liquid (3.0.6)
    listen (3.0.6)
      rb-fsevent (>= 0.9.3)
      rb-inotify (>= 0.9.7)
    mercenary (0.3.6)
    mini_portile2 (2.8.0)
    minitest (5.8.3)
    namae (0.10.1)
    nokogiri (1.13.3)
      mini_portile2 (~> 2.8.0)
      racc (~> 1.4)
    parallel (1.8.0)
    racc (1.6.0)
    rake (10.4.2)
    rb-fsevent (0.9.7)
    rb-inotify (0.9.7)
      ffi (>= 0.5.0)
    rouge (1.10.1)
    safe_yaml (1.0.4)
    sass (3.4.22)
    thread_safe (0.3.5)
    typhoeus (0.8.0)
      ethon (>= 0.8.0)
    tzinfo (1.2.2)
      thread_safe (~> 0.1)
    unicode (0.4.4.2)
    yell (2.0.6)

PLATFORMS
  ruby

DEPENDENCIES
  html-proofer (= 3.0.5)
  jekyll (= 3.1.2)
  jekyll-scholar (= 5.8.0)
  jekyll-sitemap (= 0.10.0)
  rake (= 10.4.2)

BUNDLED WITH
   1.11.2
